GEM
  remote: https://rubygems.org/
  specs:
    byebug (9.0.6)
    ruby-kafka (0.3.17)

PLATFORMS
  ruby

DEPENDENCIES
  byebug
  ruby-kafka

BUNDLED WITH
   1.14.4
